PATH
  remote: .
  specs:
    sprockets-js-coverage (0.1.0)
      sprockets

GEM
  remote: https://rubygems.org/
  specs:
    concurrent-ruby (1.2.2)
    rack (2.2.6.4)
    rake (13.0.6)
    sprockets (3.7.2)
      concurrent-ruby (~> 1.0)
      rack (> 1, < 3)

PLATFORMS
  x86_64-linux

DEPENDENCIES
  rake (~> 13.0)
  sprockets-js-coverage!

BUNDLED WITH
   2.4.3
